GEM
  remote: https://rubygems.org/
  specs:
    CFPropertyList (2.2.7)
    coderay (1.1.0)
    facter (2.0.1)
      CFPropertyList (~> 2.2.6)
    hiera (1.3.2)
      json_pure
    json_pure (1.8.1)
    method_source (0.8.2)
    mime-types (2.2)
    pry (0.9.12.6)
      coderay (~> 1.0)
      method_source (~> 0.8)
      slop (~> 3.4)
    puppet (3.5.1)
      facter (> 1.6, < 3)
      hiera (~> 1.0)
      json_pure
      rgen (~> 0.6.5)
    rest-client (1.6.7)
      mime-types (>= 1.16)
    rgen (0.6.6)
    slop (3.5.0)

PLATFORMS
  ruby

DEPENDENCIES
  pry
  puppet
  rest-client
